GEM
  remote: https://rubygems.org/
  specs:
    builder (3.2.4)
    colorize (0.8.1)
    progressbar (1.11.0)
    sitemap_generator (6.1.2)
      builder (~> 3.0)
    slim (4.1.0)
      temple (>= 0.7.6, < 0.9)
      tilt (>= 2.0.6, < 2.1)
    temple (0.8.2)
    tilt (2.0.10)
    uri (0.10.1)
    webrick (1.7.0)

PLATFORMS
  ruby

DEPENDENCIES
  colorize (>= 0.8.1)
  progressbar (>= 1.11.0)
  sitemap_generator (>= 6.1.2)
  slim (>= 4.1.0)
  uri (>= 0.10.1)
  webrick (>= 1.7.0)

BUNDLED WITH
   2.2.3
