GEM
  remote: https://rubygems.org/
  specs:
    builder (3.2.4)
    colorize (1.1.0)
    docile (1.4.0)
    fileutils (1.7.2)
    language_server-protocol (3.17.0.3)
    minitest (5.23.1)
    prettier_print (1.2.1)
    progressbar (1.13.0)
    psych (5.1.2)
      stringio
    rake (13.2.1)
    rdoc (6.7.0)
      psych (>= 4.0.0)
    rouge (3.30.0)
    ruby-lsp (0.3.8)
      language_server-protocol (~> 3.17.0)
      sorbet-runtime
      syntax_tree (>= 5.0.0, < 6)
    simplecov (0.22.0)
      docile (~> 1.1)
      simplecov-html (~> 0.11)
      simplecov_json_formatter (~> 0.1)
    simplecov-html (0.12.3)
    simplecov_json_formatter (0.1.4)
    sitemap_generator (6.3.0)
      builder (~> 3.0)
    slim (5.2.1)
      temple (~> 0.10.0)
      tilt (>= 2.1.0)
    sorbet-runtime (0.5.11406)
    stringio (3.1.0)
    syntax_tree (5.3.0)
      prettier_print (>= 1.2.0)
    temple (0.10.3)
    tilt (2.3.0)
    tmpdir (0.2.0)
      fileutils
    uri (0.13.0)
    webrick (1.8.1)

PLATFORMS
  arm64-darwin-23
  ruby

DEPENDENCIES
  colorize
  fileutils
  minitest
  progressbar
  rake
  rdoc
  rouge (~> 3.28)
  ruby-lsp (~> 0.3.6)
  simplecov
  sitemap_generator
  slim
  tmpdir
  uri
  webrick

BUNDLED WITH
   2.5.9
