GEM
  remote: https://rubygems.org/
  specs:
    builder (3.2.4)
    colorize (0.8.1)
    docile (1.4.0)
    fileutils (1.7.0)
    language_server-protocol (3.17.0.2)
    minitest (5.16.3)
    prettier_print (1.2.0)
    progressbar (1.11.0)
    psych (5.0.1)
      stringio
    rake (13.0.6)
    rdoc (6.5.0)
      psych (>= 4.0.0)
    rouge (3.30.0)
    ruby-lsp (0.3.7)
      language_server-protocol (~> 3.17.0)
      sorbet-runtime
      syntax_tree (>= 4.0.2, < 5.0.0)
    simplecov (0.22.0)
      docile (~> 1.1)
      simplecov-html (~> 0.11)
      simplecov_json_formatter (~> 0.1)
    simplecov-html (0.12.3)
    simplecov_json_formatter (0.1.4)
    sitemap_generator (6.3.0)
      builder (~> 3.0)
    slim (4.1.0)
      temple (>= 0.7.6, < 0.9)
      tilt (>= 2.0.6, < 2.1)
    sorbet-runtime (0.5.10598)
    stringio (3.0.4)
    syntax_tree (4.3.0)
      prettier_print (>= 1.0.2)
    temple (0.8.2)
    tilt (2.0.11)
    tmpdir (0.1.3)
      fileutils
    uri (0.12.2)
    webrick (1.7.0)

PLATFORMS
  ruby

DEPENDENCIES
  colorize
  fileutils
  minitest
  progressbar
  rake
  rdoc
  rouge (~> 3.28)
  ruby-lsp (~> 0.3.6)
  simplecov
  sitemap_generator
  slim
  tmpdir
  uri
  webrick

BUNDLED WITH
   2.4.1
