GEM
  remote: https://rubygems.org/
  specs:
    builder (3.2.4)
    colorize (0.8.1)
    docile (1.3.5)
    fileutils (1.5.0)
    minitest (5.14.4)
    progressbar (1.11.0)
    rake (13.0.3)
    rdoc (6.3.0)
    simplecov (0.21.2)
      docile (~> 1.1)
      simplecov-html (~> 0.11)
      simplecov_json_formatter (~> 0.1)
    simplecov-html (0.12.3)
    simplecov_json_formatter (0.1.2)
    sitemap_generator (6.1.2)
      builder (~> 3.0)
    slim (4.1.0)
      temple (>= 0.7.6, < 0.9)
      tilt (>= 2.0.6, < 2.1)
    temple (0.8.2)
    tilt (2.0.10)
    tmpdir (0.1.2)
      fileutils
    uri (0.10.1)
    webrick (1.7.0)

PLATFORMS
  ruby

DEPENDENCIES
  colorize
  fileutils
  minitest
  progressbar
  rake
  rdoc
  simplecov
  sitemap_generator
  slim
  tmpdir
  uri
  webrick

BUNDLED WITH
   2.2.3
