GEM
  remote: https://rubygems.org/
  specs:
    builder (3.2.4)
    colorize (0.8.1)
    docile (1.4.0)
    fileutils (1.6.0)
    minitest (5.15.0)
    progressbar (1.11.0)
    psych (4.0.4)
      stringio
    rake (13.0.6)
    rdoc (6.4.0)
      psych (>= 4.0.0)
    simplecov (0.21.2)
      docile (~> 1.1)
      simplecov-html (~> 0.11)
      simplecov_json_formatter (~> 0.1)
    simplecov-html (0.12.3)
    simplecov_json_formatter (0.1.4)
    sitemap_generator (6.2.1)
      builder (~> 3.0)
    slim (4.1.0)
      temple (>= 0.7.6, < 0.9)
      tilt (>= 2.0.6, < 2.1)
    stringio (3.0.2)
    temple (0.8.2)
    tilt (2.0.10)
    tmpdir (0.1.2)
      fileutils
    uri (0.11.0)
    webrick (1.7.0)

PLATFORMS
  ruby

DEPENDENCIES
  colorize
  fileutils
  minitest
  progressbar
  rake
  rdoc
  simplecov
  sitemap_generator
  slim
  tmpdir
  uri
  webrick

BUNDLED WITH
   2.2.3
